GEM
  remote: https://rubygems.org/
  specs:
    activesupport (5.2.0)
      concurrent-ruby (~> 1.0, >= 1.0.2)
      i18n (>= 0.7, < 2)
      minitest (~> 5.1)
      tzinfo (~> 1.1)
    concurrent-ruby (1.0.5)
    curb (0.9.6)
    httparty (0.14.0)
      multi_xml (>= 0.5.2)
    i18n (1.0.1)
      concurrent-ruby (~> 1.0)
    json (1.8.6)
    mini_portile2 (2.3.0)
    minitest (5.11.3)
    multi_xml (0.6.0)
    nifi_sdk_ruby (0.0.7)
      activesupport (~> 5.0)
      curb (~> 0.9.3)
      httparty (~> 0.14.0)
      json (~> 1.8)
      nokogiri (~> 1.6)
    nokogiri (1.8.3)
      mini_portile2 (~> 2.3.0)
    thread_safe (0.3.6)
    tzinfo (1.2.5)
      thread_safe (~> 0.1)

PLATFORMS
  ruby

DEPENDENCIES
  nifi_sdk_ruby (~> 0.0.7)

BUNDLED WITH
   1.16.1
